GEM
  remote: https://rubygems.org/
  specs:
    base64 (0.1.1)
    concurrent-ruby (1.1.10)
    ffi (1.15.5)
    google-protobuf (3.19.4)
    googleapis-common-protos-types (1.3.0)
      google-protobuf (~> 3.14)
    grpc (1.45.0)
      google-protobuf (~> 3.19)
      googleapis-common-protos-types (~> 1.0)
    os (1.1.4)
    rake (13.0.6)
    rexml (3.2.5)
    trinsic-okapi (1.4.1)
      base64 (~> 0.1.0)
      ffi (~> 1.15)
      google-protobuf (~> 3.19)
      os (~> 1.1)
      rake (~> 13.0)
      rexml (~> 3.2)
    trinsic-services (1.4.0)
      concurrent-ruby (~> 1.1.9)
      google-protobuf (>= 3.17.3)
      grpc (~> 1.42)
      rake (>= 13.0.6)
      trinsic-okapi (>= 1.4.1)

PLATFORMS
  ruby

DEPENDENCIES
  rake
  trinsic-services

BUNDLED WITH
   2.1.4
